STORAGE: NONE
RESTRICTION: || (== netcoreapp3.1) (== netstandard2.0) (== netstandard2.1)
NUGET
  remote: https://api.nuget.org/v3/index.json
    Deedle (2.2)
      FSharp.Core (>= 4.5.2)
    FSharp.Core (4.7.2)
    FSharpAux (1.0)
      FSharp.Core
