STORAGE: NONE
RESTRICTION: == netstandard2.0
NUGET
  remote: https://api.nuget.org/v3/index.json
    Deedle (2.3)
      FSharp.Core (>= 4.5.2)
    FSharp.Core (5.0.1)
